GEM
  remote: https://rubygems.org/
  specs:
    byebug (11.1.3)
    coderay (1.1.3)
    ethon (0.14.0)
      ffi (>= 1.15.0)
    ffi (1.15.1)
    method_source (1.0.0)
    plissken (1.4.1)
    pry (0.13.1)
      coderay (~> 1.1)
      method_source (~> 1.0)
    pry-byebug (3.9.0)
      byebug (~> 11.0)
      pry (~> 0.13.0)
    typhoeus (1.4.0)
      ethon (>= 0.9.0)

PLATFORMS
  x86_64-darwin-19

DEPENDENCIES
  plissken
  pry-byebug (~> 3.9.0)
  typhoeus (~> 1.4.0)

BUNDLED WITH
   2.2.18
